GEM
  remote: https://rubygems.org/
  specs:
    byebug (11.1.3)
    coderay (1.1.3)
    method_source (1.0.0)
    minitest (5.15.0)
    pry (0.13.1)
      coderay (~> 1.1)
      method_source (~> 1.0)
    pry-byebug (3.9.0)
      byebug (~> 11.0)
      pry (~> 0.13.0)

PLATFORMS
  x86_64-linux

DEPENDENCIES
  minitest
  pry (~> 0.13.1)
  pry-byebug

RUBY VERSION
   ruby 3.0.2p107

BUNDLED WITH
   2.2.27
